GIT
  remote: https://github.com/ReverseRetail/plenty_client.git
  revision: 1cb9836f32812916346f83b632a9c573808d2478
  branch: master
  specs:
    plenty_client (0.1.2)
      faraday (>= 0.9)
      json (>= 1.8.0)
      typhoeus (>= 1.3.0)

GEM
  remote: https://rubygems.org/
  specs:
    cloud_events (0.7.0)
    ethon (0.16.0)
      ffi (>= 1.15.0)
    faraday (2.7.10)
      faraday-net_http (>= 2.0, < 3.1)
      ruby2_keywords (>= 0.0.4)
    faraday-net_http (3.0.2)
    ffi (1.15.5)
    functions_framework (1.4.1)
      cloud_events (>= 0.7.0, < 2.a)
      puma (>= 4.3.0, < 7.a)
      rack (>= 2.1, < 4.a)
    json (2.6.3)
    nio4r (2.5.9)
    puma (6.3.0)
      nio4r (~> 2.0)
    rack (3.0.8)
    ruby2_keywords (0.0.5)
    typhoeus (1.4.0)
      ethon (>= 0.9.0)

PLATFORMS
  ruby

DEPENDENCIES
  functions_framework (~> 1.0)
  plenty_client!

BUNDLED WITH
   2.1.4
